GEM
  remote: https://rubygems.org/
  specs:
    json (2.6.1)
    minitest (5.15.0)

PLATFORMS
  x86_64-linux

DEPENDENCIES
  json
  minitest

BUNDLED WITH
   2.2.33
